PATH
  remote: .
  specs:
    force_unspecified (0.2.0)
      nokogiri
      rack

GEM
  remote: https://rubygems.org/
  specs:
    mini_portile2 (2.5.0)
    nokogiri (1.11.3)
      mini_portile2 (~> 2.5.0)
      racc (~> 1.4)
    puma (3.11.0)
    racc (1.5.2)
    rack (2.2.3)
    rake (13.0.3)

PLATFORMS
  ruby

DEPENDENCIES
  bundler
  force_unspecified!
  puma
  rake

BUNDLED WITH
   1.17.3
